GIT
  remote: https://github.com/pasosdeJesus/heb412_gen.git
  revision: a50289c220992a42db84b9c6020b7900825ceb7a
  specs:
    heb412_gen (1.0.b6)
      chosen-rails
      font-awesome-rails
      mr519_gen
      redcarpet
      rspreadsheet
      sip

GIT
  remote: https://github.com/pasosdeJesus/mr519_gen.git
  revision: 32b0ea2dfc779c0e6d1fcbd1beb1ffd071233d30
  specs:
    mr519_gen (0.2.0)
      rails (~> 6.0.0.rc1, >= 6.0.0.rc1)
      sip

GIT
  remote: https://github.com/pasosdeJesus/sip.git
  revision: 751012a3f07ea740c986ba9542036f5e857b25b6
  specs:
    sip (2.0.b6)
      bootstrap-datepicker-rails
      cancancan
      chosen-rails
      colorize
      devise
      devise-i18n
      jquery-rails
      jquery-ui-rails
      minitest
      paperclip
      rails
      rails-i18n
      simple_form
      twitter-bootstrap-rails
      twitter_cldr
      will_paginate

GIT
  remote: https://github.com/vtamara/chosen-rails.git
  revision: 48c457fc9ef1c4c573b4dcdb9dc07034b46ed6b4
  branch: several-fixes
  specs:
    chosen-rails (1.8.7)
      coffee-rails (>= 3.2)
      railties (>= 3.0)
      sass-rails (>= 3.2)

GIT
  remote: https://github.com/vtamara/cocoon.git
  revision: 088c8d9dcce7f51cf3a968398047eaac7a37718b
  branch: new_id_with_ajax
  specs:
    cocoon (1.2.11)

GEM
  remote: https://rubygems.org/
  specs:
    actioncable (6.0.0.rc2)
      actionpack (= 6.0.0.rc2)
      nio4r (~> 2.0)
      websocket-driver (>= 0.6.1)
    actionmailbox (6.0.0.rc2)
      actionpack (= 6.0.0.rc2)
      activejob (= 6.0.0.rc2)
      activerecord (= 6.0.0.rc2)
      activestorage (= 6.0.0.rc2)
      activesupport (= 6.0.0.rc2)
      mail (>= 2.7.1)
    actionmailer (6.0.0.rc2)
      actionpack (= 6.0.0.rc2)
      actionview (= 6.0.0.rc2)
      activejob (= 6.0.0.rc2)
      mail (~> 2.5, >= 2.5.4)
      rails-dom-testing (~> 2.0)
    actionpack (6.0.0.rc2)
      actionview (= 6.0.0.rc2)
      activesupport (= 6.0.0.rc2)
      rack (~> 2.0)
      rack-test (>= 0.6.3)
      rails-dom-testing (~> 2.0)
      rails-html-sanitizer (~> 1.0, >= 1.0.2)
    actiontext (6.0.0.rc2)
      actionpack (= 6.0.0.rc2)
      activerecord (= 6.0.0.rc2)
      activestorage (= 6.0.0.rc2)
      activesupport (= 6.0.0.rc2)
      nokogiri (>= 1.8.5)
    actionview (6.0.0.rc2)
      activesupport (= 6.0.0.rc2)
      builder (~> 3.1)
      erubi (~> 1.4)
      rails-dom-testing (~> 2.0)
      rails-html-sanitizer (~> 1.0, >= 1.0.3)
    activejob (6.0.0.rc2)
      activesupport (= 6.0.0.rc2)
      globalid (>= 0.3.6)
    activemodel (6.0.0.rc2)
      activesupport (= 6.0.0.rc2)
    activerecord (6.0.0.rc2)
      activemodel (= 6.0.0.rc2)
      activesupport (= 6.0.0.rc2)
    activestorage (6.0.0.rc2)
      actionpack (= 6.0.0.rc2)
      activejob (= 6.0.0.rc2)
      activerecord (= 6.0.0.rc2)
      marcel (~> 0.3.1)
    activesupport (6.0.0.rc2)
      concurrent-ruby (~> 1.0, >= 1.0.2)
      i18n (>= 0.7, < 2)
      minitest (~> 5.1)
      tzinfo (~> 1.1)
      zeitwerk (~> 2.1, >= 2.1.8)
    andand (1.3.3)
    bcrypt (3.1.13)
    bindex (0.8.1)
    bootsnap (1.4.4)
      msgpack (~> 1.0)
    bootstrap-datepicker-rails (1.8.0.1)
      railties (>= 3.0)
    builder (3.2.3)
    camertron-eprun (1.1.1)
    cancancan (3.0.1)
    choice (0.2.0)
    cldr-plurals-runtime-rb (1.0.1)
    climate_control (0.2.0)
    coderay (1.1.2)
    coffee-rails (5.0.0)
      coffee-script (>= 2.2.0)
      railties (>= 5.2.0)
    coffee-script (2.4.1)
      coffee-script-source
      execjs
    coffee-script-source (1.12.2)
    colorize (0.8.1)
    commonjs (0.2.7)
    compare-xml (0.5.2)
      nokogiri (~> 1.6)
    concurrent-ruby (1.1.5)
    crass (1.0.4)
    devise (4.6.2)
      bcrypt (~> 3.0)
      orm_adapter (~> 0.1)
      railties (>= 4.1.0, < 6.0)
      responders
      warden (~> 1.2.3)
    devise-i18n (1.8.0)
      devise (>= 4.6)
    docile (1.3.2)
    erubi (1.8.0)
    execjs (2.7.0)
    ffi (1.11.1)
    font-awesome-rails (4.7.0.5)
      railties (>= 3.2, < 6.1)
    globalid (0.4.2)
      activesupport (>= 4.2.0)
    i18n (1.6.0)
      concurrent-ruby (~> 1.0)
    jbuilder (2.9.1)
      activesupport (>= 4.2.0)
    jquery-rails (4.3.5)
      rails-dom-testing (>= 1, < 3)
      railties (>= 4.2.0)
      thor (>= 0.14, < 2.0)
    jquery-ui-rails (6.0.1)
      railties (>= 3.2.16)
    json (2.2.0)
    less (2.6.0)
      commonjs (~> 0.2.7)
    less-rails (4.0.0)
      actionpack (>= 4)
      less (~> 2.6.0)
      sprockets (>= 2)
    libxml-ruby (3.1.0)
    loofah (2.2.3)
      crass (~> 1.0.2)
      nokogiri (>= 1.5.9)
    mail (2.7.1)
      mini_mime (>= 0.1.1)
    marcel (0.3.3)
      mimemagic (~> 0.3.2)
    method_source (0.9.2)
    mime-types (3.2.2)
      mime-types-data (~> 3.2015)
    mime-types-data (3.2019.0331)
    mimemagic (0.3.3)
    mini_mime (1.0.2)
    mini_portile2 (2.4.0)
    minitest (5.11.3)
    msgpack (1.3.0)
    nio4r (2.4.0)
    nokogiri (1.10.3)
      mini_portile2 (~> 2.4.0)
    odf-report (0.6.0)
      nokogiri (>= 1.5.0)
      rubyzip (~> 1.2.0)
    orm_adapter (0.5.0)
    paperclip (6.1.0)
      activemodel (>= 4.2.0)
      activesupport (>= 4.2.0)
      mime-types
      mimemagic (~> 0.3.0)
      terrapin (~> 0.6.0)
    pdf-core (0.7.0)
    pg (1.1.4)
    pick-a-color-rails (0.0.1)
      jquery-rails
      railties (>= 3.0)
      tiny-color-rails
    prawn (2.2.2)
      pdf-core (~> 0.7.0)
      ttfunk (~> 1.5)
    prawn-table (0.2.2)
      prawn (>= 1.3.0, < 3.0.0)
    prawnto_2 (0.3.0)
      prawn (>= 1.0.0)
      rails (>= 3.2)
    pry (0.12.2)
      coderay (~> 1.1.0)
      method_source (~> 0.9.0)
    puma (4.0.1)
      nio4r (~> 2.0)
    rack (2.0.7)
    rack-proxy (0.6.5)
      rack
    rack-test (1.1.0)
      rack (>= 1.0, < 3)
    rails (6.0.0.rc2)
      actioncable (= 6.0.0.rc2)
      actionmailbox (= 6.0.0.rc2)
      actionmailer (= 6.0.0.rc2)
      actionpack (= 6.0.0.rc2)
      actiontext (= 6.0.0.rc2)
      actionview (= 6.0.0.rc2)
      activejob (= 6.0.0.rc2)
      activemodel (= 6.0.0.rc2)
      activerecord (= 6.0.0.rc2)
      activestorage (= 6.0.0.rc2)
      activesupport (= 6.0.0.rc2)
      bundler (>= 1.3.0)
      railties (= 6.0.0.rc2)
      sprockets-rails (>= 2.0.0)
    rails-controller-testing (1.0.4)
      actionpack (>= 5.0.1.x)
      actionview (>= 5.0.1.x)
      activesupport (>= 5.0.1.x)
    rails-dom-testing (2.0.3)
      activesupport (>= 4.2.0)
      nokogiri (>= 1.6)
    rails-erd (1.6.0)
      activerecord (>= 4.2)
      activesupport (>= 4.2)
      choice (~> 0.2.0)
      ruby-graphviz (~> 1.2)
    rails-html-sanitizer (1.0.4)
      loofah (~> 2.2, >= 2.2.2)
    rails-i18n (5.1.3)
      i18n (>= 0.7, < 2)
      railties (>= 5.0, < 6)
    railties (6.0.0.rc2)
      actionpack (= 6.0.0.rc2)
      activesupport (= 6.0.0.rc2)
      method_source
      rake (>= 0.8.7)
      thor (>= 0.20.3, < 2.0)
    rake (12.3.3)
    rb-fsevent (0.10.3)
    rb-inotify (0.10.0)
      ffi (~> 1.0)
    redcarpet (3.5.0)
    responders (3.0.0)
      actionpack (>= 5.0)
      railties (>= 5.0)
    rspreadsheet (0.5.1)
      andand (~> 1.3)
      rubyzip (~> 1.1)
    ruby-graphviz (1.2.4)
    rubyzip (1.2.3)
    sass (3.7.4)
      sass-listen (~> 4.0.0)
    sass-listen (4.0.0)
      rb-fsevent (~> 0.9, >= 0.9.4)
      rb-inotify (~> 0.9, >= 0.9.7)
    sass-rails (5.0.7)
      railties (>= 4.0.0, < 6)
      sass (~> 3.1)
      sprockets (>= 2.8, < 4.0)
      sprockets-rails (>= 2.0, < 4.0)
      tilt (>= 1.1, < 3)
    simple_form (4.1.0)
      actionpack (>= 5.0)
      activemodel (>= 5.0)
    simplecov (0.17.0)
      docile (~> 1.1)
      json (>= 1.8, < 3)
      simplecov-html (~> 0.10.0)
    simplecov-html (0.10.2)
    sprockets (3.7.2)
      concurrent-ruby (~> 1.0)
      rack (> 1, < 3)
    sprockets-rails (3.2.1)
      actionpack (>= 4.0)
      activesupport (>= 4.0)
      sprockets (>= 3.0.0)
    terrapin (0.6.0)
      climate_control (>= 0.0.3, < 1.0)
    thor (0.20.3)
    thread_safe (0.3.6)
    tilt (2.0.9)
    tiny-color-rails (0.0.2)
      railties (>= 3.0)
    ttfunk (1.5.1)
    turbolinks (5.2.0)
      turbolinks-source (~> 5.2)
    turbolinks-source (5.2.0)
    twitter-bootstrap-rails (3.2.2)
      actionpack (>= 3.1)
      execjs (>= 2.2.2, >= 2.2)
      less-rails (>= 2.5.0)
      railties (>= 3.1)
    twitter_cldr (4.4.4)
      camertron-eprun
      cldr-plurals-runtime-rb (~> 1.0)
      tzinfo
    tzinfo (1.2.5)
      thread_safe (~> 0.1)
    uglifier (4.1.20)
      execjs (>= 0.3.0, < 3)
    warden (1.2.8)
      rack (>= 2.0.6)
    web-console (4.0.0)
      actionview (>= 6.0.0.a)
      activemodel (>= 6.0.0.a)
      bindex (>= 0.4.0)
      railties (>= 6.0.0.a)
    webpacker (4.0.7)
      activesupport (>= 4.2)
      rack-proxy (>= 0.6.1)
      railties (>= 4.2)
    websocket-driver (0.7.1)
      websocket-extensions (>= 0.1.0)
    websocket-extensions (0.1.4)
    will_paginate (3.1.7)
    zeitwerk (2.1.9)

PLATFORMS
  ruby

DEPENDENCIES
  bcrypt
  bootsnap (>= 1.1.0)
  bootstrap-datepicker-rails
  cancancan
  chosen-rails!
  cocoon!
  coffee-rails
  colorize
  compare-xml (~> 0.5.2)
  devise
  devise-i18n
  font-awesome-rails
  heb412_gen!
  jbuilder
  jquery-rails
  jquery-ui-rails
  libxml-ruby
  mr519_gen!
  nokogiri (~> 1.6, >= 1.6.8)
  odf-report
  paperclip
  pg
  pick-a-color-rails
  prawn
  prawn-table
  prawnto_2
  pry
  puma
  rails (~> 6.0.0.rc1)
  rails-controller-testing
  rails-erd
  rails-i18n
  redcarpet
  rspreadsheet
  sass-rails
  simple_form
  simplecov
  sip!
  thor
  tiny-color-rails
  turbolinks
  twitter-bootstrap-rails
  twitter_cldr
  tzinfo
  uglifier
  web-console
  webpacker
  will_paginate

BUNDLED WITH
   2.0.2
